GEM
  remote: http://ruby.taobao.org/
  specs:
    ProMotion (1.0.4)
    activesupport (3.2.14)
      i18n (~> 0.6, >= 0.6.4)
      multi_json (~> 1.0)
    addressable (2.3.5)
    bubble-wrap (1.3.0)
    claide (0.3.2)
    cocoapods (0.20.2)
      activesupport (~> 3.2.13)
      claide (~> 0.3.2)
      cocoapods-core (= 0.20.2)
      cocoapods-downloader (~> 0.1.1)
      colored (~> 1.2)
      escape (~> 0.0.4)
      faraday (~> 0.8.1)
      json (~> 1.8.0)
      octokit (~> 1.7)
      open4 (~> 1.3.0)
      rake (~> 10.0.0)
      xcodeproj (~> 0.6.0)
    cocoapods-core (0.20.2)
      activesupport (~> 3.2.13)
      rake (~> 10.0.0)
    cocoapods-downloader (0.1.2)
    colored (1.2)
    escape (0.0.4)
    faraday (0.8.8)
      multipart-post (~> 1.2.0)
    faraday_middleware (0.9.0)
      faraday (>= 0.7.4, < 0.9)
    formotion (1.5.0)
      bubble-wrap (~> 1.3.0)
      motion-require (~> 0.0.3)
    hashie (2.0.5)
    i18n (0.6.5)
    json (1.8.0)
    motion-cocoapods (1.3.6)
      cocoapods (>= 0.17.0)
    motion-require (0.0.7)
    multi_json (1.8.1)
    multipart-post (1.2.0)
    netrc (0.7.7)
    octokit (1.25.0)
      addressable (~> 2.2)
      faraday (~> 0.8)
      faraday_middleware (~> 0.9)
      hashie (~> 2.0)
      multi_json (~> 1.3)
      netrc (~> 0.7.7)
    open4 (1.3.0)
    pro_motion_slide_menu (0.0.4)
      ProMotion (~> 1.0)
      bubble-wrap
      motion-cocoapods
    rake (10.0.4)
    sugarcube (1.1.0)
    xcodeproj (0.6.0)
      activesupport (~> 3.2.13)
      colored (~> 1.2)

PLATFORMS
  ruby

DEPENDENCIES
  ProMotion (>= 0.5.2)
  bubble-wrap
  cocoapods (= 0.20.2)
  formotion
  motion-cocoapods (= 1.3.6)
  pro_motion_slide_menu
  sugarcube (= 1.1.0)
